GEM
  remote: https://rubygems.org/
  specs:
    autotest-doom (0.0.1)
      test_notifier (~> 0)
    diff-lcs (1.2.4)
    multi_json (1.7.9)
    notifier (0.4.1)
    ofcp_scoring (0.0.1)
    rspec (2.14.1)
      rspec-core (~> 2.14.0)
      rspec-expectations (~> 2.14.0)
      rspec-mocks (~> 2.14.0)
    rspec-autotest (0.0.1.pre)
    rspec-core (2.14.5)
    rspec-expectations (2.14.2)
      diff-lcs (>= 1.1.3, < 2.0)
    rspec-mocks (2.14.3)
    simplecov (0.7.1)
      multi_json (~> 1.0)
      simplecov-html (~> 0.7.1)
    simplecov-html (0.7.1)
    test_notifier (0.4.0)
      notifier

PLATFORMS
  ruby

DEPENDENCIES
  autotest-doom
  ofcp_scoring
  rspec
  rspec-autotest
  simplecov
